GEM
  remote: https://rubygems.org/
  specs:
    activesupport (4.2.0)
      i18n (~> 0.7)
      json (~> 1.7, >= 1.7.7)
      minitest (~> 5.1)
      thread_safe (~> 0.3, >= 0.3.4)
      tzinfo (~> 1.1)
    aws-sdk-v1 (1.61.0)
      json (~> 1.4)
      nokogiri (>= 1.4.4)
    claide (0.8.0)
    cocoapods (0.36.0.beta.1)
      activesupport (>= 3.2.15)
      claide (~> 0.8.0)
      cocoapods-core (= 0.36.0.beta.1)
      cocoapods-downloader (~> 0.8.1)
      cocoapods-plugins (~> 0.4.0)
      cocoapods-trunk (~> 0.5.0)
      cocoapods-try (~> 0.4.3)
      colored (~> 1.2)
      escape (~> 0.0.4)
      molinillo (~> 0.2.0)
      nap (~> 0.8)
      open4 (~> 1.3)
      xcodeproj (~> 0.21.0)
    cocoapods-core (0.36.0.beta.1)
      activesupport (>= 3.2.15)
      fuzzy_match (~> 2.0.4)
      nap (~> 0.8.0)
    cocoapods-downloader (0.8.1)
    cocoapods-plugins (0.4.0)
      nap
    cocoapods-trunk (0.5.0)
      nap (>= 0.8)
      netrc (= 0.7.8)
    cocoapods-try (0.4.3)
    colored (1.2)
    escape (0.0.4)
    fui (0.3.0)
      gli
    fuzzy_match (2.0.4)
    gli (2.12.2)
    i18n (0.7.0)
    json (1.8.2)
    mini_portile (0.6.2)
    minitest (5.5.1)
    molinillo (0.2.0)
    mustache (0.99.8)
    nap (0.8.0)
    netrc (0.7.8)
    nokogiri (1.6.5)
      mini_portile (~> 0.6.0)
    open4 (1.3.4)
    second_curtain (0.2.4)
      aws-sdk-v1 (~> 1.52)
      mustache (~> 0.99)
    thread_safe (0.3.4)
    tzinfo (1.2.2)
      thread_safe (~> 0.1)
    xcodeproj (0.21.0)
      activesupport (>= 3)
      colored (~> 1.2)
    xcpretty (0.1.7)

PLATFORMS
  ruby

DEPENDENCIES
  cocoapods (= 0.36.0.beta.1)
  fui (~> 0.3.0)
  second_curtain (~> 0.2.3)
  xcpretty
